NUGET
  remote: https://nuget.org/api/v2
  specs:
    FParsec (1.0.1)
    QuickGraph (3.6.61119.7)
    xmlrpcnet (2.5.0)
