NUGET
  remote: https://nuget.org/api/v2
  specs:
    FAKE (3.35.2)
    FParsec (1.0.1)
