NUGET
  remote: https://nuget.org/api/v2
  specs:
    FParsec (1.0.1)
    log4net (2.0.4)
    xmlrpcnet (3.0.0.266)
